PATH
  remote: .
  specs:
    tidy-trace (0.0.1)

GEM
  remote: https://rubygems.org/
  specs:
    minitest (5.18.0)
    rake (13.0.6)

PLATFORMS
  arm64-darwin-21
  universal-darwin-23

DEPENDENCIES
  bundler
  minitest
  rake
  tidy-trace!

BUNDLED WITH
   2.3.16
